GEM
  remote: https://rubygems.org/
  specs:
    ast (2.4.0)
    byebug (9.1.0)
    hike (1.2.3)
    opal (0.11.0)
      ast (>= 2.3.0)
      hike (~> 1.2)
      parser (= 2.3.3.1)
      sourcemap (~> 0.1.0)
    parser (2.3.3.1)
      ast (~> 2.2)
    rack (2.0.4)
    sourcemap (0.1.1)

PLATFORMS
  ruby

DEPENDENCIES
  byebug
  opal
  rack

BUNDLED WITH
   1.14.6
